PATH
  remote: .
  specs:
    jquery-jcanvas-rails (5.5)
      jquery-rails

GEM
  remote: http://rubygems.org/
  
PLATFORMS
  ruby

DEPENDENCIES
  capybara
  jquery-jcanvas-rails!
  jquery-rails
  minitest
  sqlite3
